GIT
  remote: git://github.com/rails/protected_attributes.git
  revision: 21efae9e2e2ca418e2e069403117ec452a66db5c
  specs:
    protected_attributes (1.0.8)
      activemodel (>= 4.0.1, < 5.0)

GIT
  remote: git@github.com:rails-api/active_model_serializers.git
  revision: 652493848addf6870776619053df0036b1e22a3b
  specs:
    active_model_serializers (0.10.0.pre)
      activemodel (>= 4.0)

GIT
  remote: https://github.com/CanCanCommunity/cancancan.git
  revision: f02386e5058212238a7bcfe4fa3cba6964a273a9
  specs:
    cancancan (1.9.2)

GIT
  remote: https://github.com/NoamB/sorcery.git
  revision: fdae28ea597e3375a20d80050aabc09937e75b5f
  specs:
    sorcery (0.8.6)
      bcrypt (~> 3.1)
      oauth (~> 0.4, >= 0.4.4)
      oauth2 (>= 0.8.0, < 1.0.0)

GIT
  remote: https://github.com/Tretti/rails-bootstrap-helpers.git
  revision: 98bc0458f864be3f21f1a53f1a265b15f9e0e883
  specs:
    rails-bootstrap-helpers (0.1.0)
      rails (>= 3.2.11)

GIT
  remote: https://github.com/ankane/chartkick.git
  revision: 31a8e5224e26449158a2f6c63f157aabd90147a5
  specs:
    chartkick (1.3.2)

GIT
  remote: https://github.com/ankane/groupdate.git
  revision: 120de656146ef83e8b988ed81a00248086536d65
  specs:
    groupdate (2.3.0)
      activesupport (>= 3)

GIT
  remote: https://github.com/bokmann/font-awesome-rails.git
  revision: 5d296e41a401539fb4fcc6619e85f5d4fc2a654c
  specs:
    font-awesome-rails (4.2.0.0)
      railties (>= 3.2, < 5.0)

GIT
  remote: https://github.com/bootstrap-ruby/will_paginate-bootstrap.git
  revision: 22a06630c3150af6c84550f39864e45d6b48f2e0
  specs:
    will_paginate-bootstrap (1.0.1)
      will_paginate (>= 3.0.3)

GIT
  remote: https://github.com/drapergem/draper.git
  revision: e54bd73ff95cd3bffe22d32a91e65bacc63eba3b
  specs:
    draper (1.4.0)
      actionpack (>= 3.0)
      activemodel (>= 3.0)
      activesupport (>= 3.0)
      request_store (~> 1.0)

GIT
  remote: https://github.com/hendricius/nested_form.git
  revision: ca85dfbb040391fc3eb4f48cb91c4af70a904733
  specs:
    nested_form (0.3.2)

GIT
  remote: https://github.com/pdfkit/pdfkit.git
  revision: e6a52a30268d68f5cfbdaf1db23fc8d628bef28c
  specs:
    pdfkit (0.7.0)

GIT
  remote: https://github.com/plataformatec/simple_form.git
  revision: b5eccd67dc9769d580ef03934d73c63b1735b259
  specs:
    simple_form (3.1.0.rc2)
      actionpack (~> 4.0)
      activemodel (~> 4.0)

GEM
  remote: https://rubygems.org/
  specs:
    actionmailer (4.1.6)
      actionpack (= 4.1.6)
      actionview (= 4.1.6)
      mail (~> 2.5, >= 2.5.4)
    actionpack (4.1.6)
      actionview (= 4.1.6)
      activesupport (= 4.1.6)
      rack (~> 1.5.2)
      rack-test (~> 0.6.2)
    actionview (4.1.6)
      activesupport (= 4.1.6)
      builder (~> 3.1)
      erubis (~> 2.7.0)
    activemodel (4.1.6)
      activesupport (= 4.1.6)
      builder (~> 3.1)
    activerecord (4.1.6)
      activemodel (= 4.1.6)
      activesupport (= 4.1.6)
      arel (~> 5.0.0)
    activesupport (4.1.6)
      i18n (~> 0.6, >= 0.6.9)
      json (~> 1.7, >= 1.7.7)
      minitest (~> 5.1)
      thread_safe (~> 0.1)
      tzinfo (~> 1.1)
    addressable (2.3.6)
    angularjs-rails (1.3.0)
    angularjs-rails-resource (1.1.1)
    arel (5.0.1.20140414130214)
    axiom-types (0.1.1)
      descendants_tracker (~> 0.0.4)
      ice_nine (~> 0.11.0)
      thread_safe (~> 0.3, >= 0.3.1)
    bcrypt (3.1.7)
    bootstrap-sass (3.3.1.0)
      sass (~> 3.2)
    bourbon (3.2.3)
      sass (~> 3.2)
      thor
    builder (3.2.2)
    chronic (0.10.2)
    coderay (1.1.0)
    coercible (1.0.0)
      descendants_tracker (~> 0.0.1)
    coffee-rails (4.1.0)
      coffee-script (>= 2.2.0)
      railties (>= 4.0.0, < 5.0)
    coffee-script (2.3.0)
      coffee-script-source
      execjs
    coffee-script-source (1.8.0)
    descendants_tracker (0.0.4)
      thread_safe (~> 0.3, >= 0.3.1)
    dotenv (1.0.2)
    dotenv-rails (1.0.2)
      dotenv (= 1.0.2)
    dotiw (2.0)
      actionpack (>= 3)
      i18n
    equalizer (0.0.9)
    erubis (2.7.0)
    execjs (2.2.2)
    faraday (0.9.0)
      multipart-post (>= 1.2, < 3)
    faraday_middleware (0.9.1)
      faraday (>= 0.7.4, < 0.10)
    foreman (0.63.0)
      dotenv (>= 0.7)
      thor (>= 0.13.6)
    fullcontact (0.7.0)
      faraday (~> 0.9.0)
      faraday_middleware (>= 0.9)
      hashie (>= 2.0)
      multi_xml (>= 0.5)
      rash (>= 0.4)
    gon (5.2.0)
      actionpack (>= 2.3.0)
      json
      multi_json
      request_store (>= 1.0.5)
    hashie (2.0.5)
    hike (1.2.3)
    i18n (0.7.0.beta1)
    ice_nine (0.11.0)
    jbuilder (2.2.2)
      activesupport (>= 3.0.0, < 5)
      multi_json (~> 1.2)
    jquery-rails (3.1.2)
      railties (>= 3.0, < 5.0)
      thor (>= 0.14, < 2.0)
    json (1.8.2)
    jwt (1.0.0)
    libv8 (3.16.14.7)
    mail (2.6.1)
      mime-types (>= 1.16, < 3)
    method_source (0.8.2)
    mime-types (2.4.2)
    minitest (5.5.1)
    momentjs-rails (2.8.3)
      railties (>= 3.1)
    money (6.3.0)
      i18n (>= 0.6.4, <= 0.7.0.dev)
    multi_json (1.10.1)
    multi_xml (0.5.5)
    multipart-post (2.0.0)
    newrelic_rpm (3.9.5.251)
    ng-rails-csrf (0.1.0)
    oauth (0.4.7)
    oauth2 (0.9.4)
      faraday (>= 0.8, < 0.10)
      jwt (~> 1.0)
      multi_json (~> 1.3)
      multi_xml (~> 0.5)
      rack (~> 1.2)
    octokit (3.4.2)
      sawyer (~> 0.5.3)
    omniauth (1.2.2)
      hashie (>= 1.2, < 4)
      rack (~> 1.0)
    omniauth-github (1.1.2)
      omniauth (~> 1.0)
      omniauth-oauth2 (~> 1.1)
    omniauth-oauth2 (1.1.2)
      faraday (>= 0.8, < 0.10)
      multi_json (~> 1.3)
      oauth2 (~> 0.9.3)
      omniauth (~> 1.2)
    pdf-core (0.4.0)
    permanent_records (3.1.6)
      activerecord (>= 3.0.0)
    pg (0.17.1)
    prawn (1.3.0)
      pdf-core (~> 0.4.0)
      ttfunk (~> 1.4.0)
    pry (0.10.1)
      coderay (~> 1.1.0)
      method_source (~> 0.8.1)
      slop (~> 3.4)
    pry-rails (0.3.2)
      pry (>= 0.9.10)
    quiet_assets (1.0.3)
      railties (>= 3.1, < 5.0)
    rack (1.5.2)
    rack-force_domain (0.3.0)
    rack-test (0.6.2)
      rack (>= 1.0)
    railroady (1.2.0)
    rails (4.1.6)
      actionmailer (= 4.1.6)
      actionpack (= 4.1.6)
      actionview (= 4.1.6)
      activemodel (= 4.1.6)
      activerecord (= 4.1.6)
      activesupport (= 4.1.6)
      bundler (>= 1.3.0, < 2.0)
      railties (= 4.1.6)
      sprockets-rails (~> 2.0)
    railties (4.1.6)
      actionpack (= 4.1.6)
      activesupport (= 4.1.6)
      rake (>= 0.8.7)
      thor (>= 0.18.1, < 2.0)
    rake (10.4.0)
    rash (0.4.0)
      hashie (~> 2.0.0)
    redcarpet (3.2.0)
    ref (1.0.5)
    request_store (1.1.0)
    sass (3.2.19)
    sass-rails (4.0.3)
      railties (>= 4.0.0, < 5.0)
      sass (~> 3.2.0)
      sprockets (~> 2.8, <= 2.11.0)
      sprockets-rails (~> 2.0)
    sawyer (0.5.5)
      addressable (~> 2.3.5)
      faraday (~> 0.8, < 0.10)
    slim (2.1.0)
      temple (~> 0.6.9)
      tilt (>= 1.3.3, < 2.1)
    slim-rails (2.1.5)
      actionpack (>= 3.0, < 4.2)
      activesupport (>= 3.0, < 4.2)
      railties (>= 3.0, < 4.2)
      slim (~> 2.0)
    slop (3.6.0)
    sprockets (2.11.0)
      hike (~> 1.2)
      multi_json (~> 1.0)
      rack (~> 1.0)
      tilt (~> 1.1, != 1.3.0)
    sprockets-rails (2.2.0)
      actionpack (>= 3.0)
      activesupport (>= 3.0)
      sprockets (>= 2.8, < 4.0)
    sqlite3 (1.3.9)
    temple (0.6.9)
    therubyracer (0.12.1)
      libv8 (~> 3.16.14.0)
      ref
    thor (0.19.1)
    thread_safe (0.3.4)
    tilt (1.4.1)
    ttfunk (1.4.0)
    tzinfo (1.2.2)
      thread_safe (~> 0.1)
    uglifier (2.5.3)
      execjs (>= 0.3.0)
      json (>= 1.8.0)
    validates_email_format_of (1.6.1)
      i18n
    virtus (1.0.3)
      axiom-types (~> 0.1)
      coercible (~> 1.0)
      descendants_tracker (~> 0.0, >= 0.0.3)
      equalizer (~> 0.0, >= 0.0.9)
    whenever (0.9.3)
      chronic (>= 0.6.3)
    will_paginate (3.0.7)
    wkhtmltopdf-binary (0.9.9.3)

PLATFORMS
  ruby

DEPENDENCIES
  active_model_serializers!
  angularjs-rails
  angularjs-rails-resource (~> 1.1.1)
  bootstrap-sass (~> 3.3.1)
  bourbon
  cancancan!
  chartkick!
  coffee-rails
  dotenv-rails
  dotiw
  draper!
  font-awesome-rails!
  foreman
  fullcontact
  gon
  groupdate!
  jbuilder
  jquery-rails
  momentjs-rails
  money
  nested_form!
  newrelic_rpm
  ng-rails-csrf
  octokit
  omniauth
  omniauth-github
  pdfkit!
  permanent_records (~> 3.1.3)
  pg
  prawn
  protected_attributes!
  pry-rails
  quiet_assets
  rack-force_domain
  railroady
  rails (= 4.1.6)
  rails-bootstrap-helpers!
  redcarpet
  sass-rails (>= 3.2)
  simple_form!
  slim
  slim-rails
  sorcery!
  sqlite3
  therubyracer
  uglifier
  validates_email_format_of
  virtus
  whenever
  will_paginate-bootstrap!
  wkhtmltopdf-binary (~> 0.9.9.3)
